GEM
  remote: https://rubygems.org/
  specs:
    addressable (2.8.0)
      public_suffix (>= 2.0.2, < 5.0)
    coderay (1.1.3)
    method_source (1.0.0)
    nokogiri (1.12.3-x86_64-linux)
      racc (~> 1.4)
    open-uri (0.1.0)
    pry (0.14.1)
      coderay (~> 1.1)
      method_source (~> 1.0)
    public_suffix (4.0.6)
    racc (1.5.2)
    require_all (3.0.0)
    require_relative (1.0.3)

PLATFORMS
  x86_64-linux

DEPENDENCIES
  addressable
  nokogiri
  open-uri
  pry
  require_all
  require_relative

BUNDLED WITH
   2.2.20
